PATH
  remote: .
  specs:
    TL-parser (0.1.1)

GEM
  remote: https://rubygems.org/
  specs:
    ast (2.4.2)
    date (3.2.2)
    diff-lcs (1.5.0)
    json (2.6.1)
    nokogiri (1.13.3-x86_64-linux)
      racc (~> 1.4)
    open-uri (0.2.0)
      stringio
      time
      uri (0.10.0)
    parallel (1.21.0)
    parser (3.1.1.0)
      ast (~> 2.4.1)
    racc (1.6.0)
    rainbow (3.1.1)
    rake (13.0.6)
    regexp_parser (2.2.1)
    rexml (3.2.5)
    rspec (3.11.0)
      rspec-core (~> 3.11.0)
      rspec-expectations (~> 3.11.0)
      rspec-mocks (~> 3.11.0)
    rspec-core (3.11.0)
      rspec-support (~> 3.11.0)
    rspec-expectations (3.11.0)
      diff-lcs (>= 1.2.0, < 2.0)
      rspec-support (~> 3.11.0)
    rspec-mocks (3.11.0)
      diff-lcs (>= 1.2.0, < 2.0)
      rspec-support (~> 3.11.0)
    rspec-support (3.11.0)
    rubocop (1.25.1)
      parallel (~> 1.10)
      parser (>= 3.1.0.0)
      rainbow (>= 2.2.2, < 4.0)
      regexp_parser (>= 1.8, < 3.0)
      rexml
      rubocop-ast (>= 1.15.1, < 2.0)
      ruby-progressbar (~> 1.7)
      unicode-display_width (>= 1.4.0, < 3.0)
    rubocop-ast (1.16.0)
      parser (>= 3.1.1.0)
    ruby-progressbar (1.11.0)
    stringio (3.0.1)
    time (0.2.0)
      date
    unicode-display_width (2.1.0)
    uri (0.10.0)

PLATFORMS
  x86_64-linux

DEPENDENCIES
  TL-parser!
  json (~> 2.6)
  nokogiri (~> 1.13)
  open-uri (~> 0.2.0)
  rake (~> 13.0)
  rspec (~> 3.0)
  rubocop (~> 1.21)

BUNDLED WITH
   2.3.5
